GEM
  specs:
    minitest (5.8.3)

PLATFORMS
  ruby

DEPENDENCIES
  minitest
